GEM
  remote: https://rubygems.org/
  specs:
    docker-api (1.22.4)
      excon (>= 0.38.0)
      json
    excon (0.45.4)
    json (1.8.3)
    memcached (1.8.0)

PLATFORMS
  ruby

DEPENDENCIES
  docker-api (= 1.22.4)
  memcached (= 1.8.0)

BUNDLED WITH
   1.10.2
